GEM
  remote: https://rubygems.org/
  specs:
    rake (10.1.1)
    sass (3.3.0)
      rake

PLATFORMS
  ruby

DEPENDENCIES
  sass (~> 3.3.0)
