GEM
  remote: https://rubygems.org/
  specs:
    sass (3.3.6)

PLATFORMS
  java
  ruby

DEPENDENCIES
  sass (~> 3.3.6)
