GEM
  remote: https://rubygems.org/
  specs:
    hologram (1.2.0)
      redcarpet (>= 2.2, < 4.0)
      rouge (>= 1.5)
    rainbow (2.0.0)
    redcarpet (3.1.2)
    rouge (1.6.1)
    sass (3.3.11)
    scss-lint (0.25.1)
      rainbow (~> 2.0)
      sass (~> 3.3.0)

PLATFORMS
  java
  ruby

DEPENDENCIES
  hologram (= 1.2.0)
  sass (~> 3.3.7)
  scss-lint (= 0.25.1)
